NUGET
  remote: https://www.nuget.org/api/v2
    xunit.runner.console (2.2)
